GEM
  remote: https://rubygems.org/
  specs:
    json (2.15.0)

PLATFORMS
  ruby
  x86_64-linux

DEPENDENCIES
  json (~> 2.15)

BUNDLED WITH
   2.7.2
